PATH
  remote: .
  specs:
    merchant_galaxy_guide (0.1.0)

GEM
  remote: https://rubygems.org/
  specs:
    byebug (9.0.5)
    coderay (1.1.1)
    method_source (0.8.2)
    minitest (5.9.0)
    pry (0.10.3)
      coderay (~> 1.1.0)
      method_source (~> 0.8.1)
      slop (~> 3.4)
    pry-byebug (3.4.0)
      byebug (~> 9.0)
      pry (~> 0.10)
    rake (10.4.2)
    slop (3.6.0)

PLATFORMS
  ruby

DEPENDENCIES
  bundler (~> 1.11)
  merchant_galaxy_guide!
  minitest (~> 5.0)
  pry-byebug
  rake (~> 10.0)

BUNDLED WITH
   1.12.5
